GEM
  remote: https://rubygems.org/
  specs:
    activesupport (4.2.1)
      i18n (~> 0.7)
      json (~> 1.7, >= 1.7.7)
      minitest (~> 5.1)
      thread_safe (~> 0.3, >= 0.3.4)
      tzinfo (~> 1.1)
    addressable (2.3.7)
    api_cache (0.3.0)
    contentful-importer (0.0.1)
      activesupport (~> 4.1)
      api_cache (~> 0.3.0)
      contentful-management (~> 0.5.0)
      escort (~> 0.4.0)
      http (~> 0.6)
      i18n (~> 0.6)
      json-schema (~> 2.5.0)
      multi_json (~> 1)
    contentful-management (0.5.0)
      http (~> 0.6)
      multi_json (~> 1)
    escort (0.4.0)
      nesty
    http (0.7.2)
      http-form_data (~> 1.0.0)
      http_parser.rb (~> 0.6.0)
    http-form_data (1.0.0)
    http_parser.rb (0.6.0)
    i18n (0.7.0)
    json (1.8.2)
    json-schema (2.5.1)
      addressable (~> 2.3.7)
    mini_portile (0.6.0)
    minitest (5.5.1)
    multi_json (1.11.0)
    nesty (1.0.2)
    nokogiri (1.6.3.1)
      mini_portile (= 0.6.0)
    reverse_markdown (0.6.1)
      nokogiri
    thread_safe (0.3.5)
    tzinfo (1.2.2)
      thread_safe (~> 0.1)
    wordpress-exporter (0.0.1)
      activesupport (~> 4.1)
      escort (~> 0.4.0)
      http (~> 0.6)
      i18n (~> 0.6)
      multi_json (~> 1)
      nokogiri (~> 1.6.3.1)
      reverse_markdown (~> 0.6.0)

PLATFORMS
  ruby

DEPENDENCIES
  contentful-importer
  http (= 0.7.2)
  wordpress-exporter
